GEM
  remote: https://rubygems.org/
  specs:
    multi_json (1.13.1)
    mustermann (2.0.2)
      ruby2_keywords (~> 0.0.1)
    nio4r (2.5.2)
    puma (4.3.5)
      nio4r (~> 2.0)
    rack (2.2.4)
    rack-protection (2.2.3)
      rack
    ruby2_keywords (0.0.5)
    sinatra (2.2.3)
      mustermann (~> 2.0)
      rack (~> 2.2)
      rack-protection (= 2.2.3)
      tilt (~> 2.0)
    sinatra-contrib (2.2.3)
      multi_json
      mustermann (~> 2.0)
      rack-protection (= 2.2.3)
      sinatra (= 2.2.3)
      tilt (~> 2.0)
    sqlite3 (1.4.1)
    tilt (2.0.11)

PLATFORMS
  ruby

DEPENDENCIES
  puma (~> 4.3)
  sinatra (~> 2.2)
  sinatra-contrib (~> 2.0)
  sqlite3 (~> 1.4)

RUBY VERSION
   ruby 2.6.6p146

BUNDLED WITH
   2.1.4
